PATH
  remote: .
  specs:
    just_shogi (0.1.1)
      board_game_grid (~> 0.1.6)

GEM
  remote: https://rubygems.org/
  specs:
    board_game_grid (0.1.6)
    minitest (5.14.0)
    rake (13.0.1)

PLATFORMS
  ruby

DEPENDENCIES
  bundler (~> 2.1.4)
  just_shogi!
  minitest (~> 5.14.0)
  rake (~> 13.0.1)

BUNDLED WITH
   2.1.4
